GIT
  remote: git://github.com/andi/simple-navigation.git
  revision: bcba578835ce489fa5a72e5932c1cb475a0c3eb0
  specs:
    simple-navigation (4.0.3)
      activesupport (>= 2.3.2)

GIT
  remote: git://github.com/trailblazer/cells-haml.git
  revision: 0dfe042c4cbfed0d49ffabfd3dd1d4b920516888
  specs:
    cells-haml (0.0.8)
      cells (~> 4.0.0.beta6)
      haml (>= 4.1.0.beta.1)

GEM
  remote: http://rubygems.org/
  specs:
    actionmailer (4.2.3)
      actionpack (= 4.2.3)
      actionview (= 4.2.3)
      activejob (= 4.2.3)
      mail (~> 2.5, >= 2.5.4)
      rails-dom-testing (~> 1.0, >= 1.0.5)
    actionpack (4.2.3)
      actionview (= 4.2.3)
      activesupport (= 4.2.3)
      rack (~> 1.6)
      rack-test (~> 0.6.2)
      rails-dom-testing (~> 1.0, >= 1.0.5)
      rails-html-sanitizer (~> 1.0, >= 1.0.2)
    actionview (4.2.3)
      activesupport (= 4.2.3)
      builder (~> 3.1)
      erubis (~> 2.7.0)
      rails-dom-testing (~> 1.0, >= 1.0.5)
      rails-html-sanitizer (~> 1.0, >= 1.0.2)
    activejob (4.2.3)
      activesupport (= 4.2.3)
      globalid (>= 0.3.0)
    activemodel (4.2.3)
      activesupport (= 4.2.3)
      builder (~> 3.1)
    activerecord (4.2.3)
      activemodel (= 4.2.3)
      activesupport (= 4.2.3)
      arel (~> 6.0)
    activesupport (4.2.3)
      i18n (~> 0.7)
      json (~> 1.7, >= 1.7.7)
      minitest (~> 5.1)
      thread_safe (~> 0.3, >= 0.3.4)
      tzinfo (~> 1.1)
    apartment (1.0.2)
      activerecord (>= 3.1.2, < 5.0)
      rack (>= 1.3.6)
    arel (6.0.3)
    awesome_print (1.6.1)
    axiom-types (0.1.1)
      descendants_tracker (~> 0.0.4)
      ice_nine (~> 0.11.0)
      thread_safe (~> 0.3, >= 0.3.1)
    bcrypt (3.1.10)
    better_errors (2.1.1)
      coderay (>= 1.0.0)
      erubis (>= 2.6.6)
      rack (>= 0.9.0)
    binding_of_caller (0.7.2)
      debug_inspector (>= 0.0.1)
    bootstrap-sass (3.2.0.2)
      sass (~> 3.2)
    builder (3.2.2)
    capistrano (3.4.0)
      i18n
      rake (>= 10.0.0)
      sshkit (~> 1.3)
    capistrano-bundler (1.1.4)
      capistrano (~> 3.1)
      sshkit (~> 1.2)
    capistrano-db-tasks (0.4)
      capistrano (>= 3.0.0)
    capistrano-rails (1.1.3)
      capistrano (~> 3.1)
      capistrano-bundler (~> 1.1)
    capistrano-rails-console (1.0.0)
      capistrano (>= 3.1.0, < 4.0.0)
    capistrano-rbenv (2.0.3)
      capistrano (~> 3.1)
      sshkit (~> 1.3)
    capistrano3-puma (1.2.0)
      capistrano (~> 3.0)
      puma (>= 2.6)
    carrierwave (0.10.0)
      activemodel (>= 3.2.0)
      activesupport (>= 3.2.0)
      json (>= 1.7)
      mime-types (>= 1.16)
    cells (4.0.2)
      tilt (>= 1.4, < 3)
      uber (~> 0.0.9)
    coderay (1.1.0)
    coercible (1.0.0)
      descendants_tracker (~> 0.0.1)
    coffee-rails (4.1.0)
      coffee-script (>= 2.2.0)
      railties (>= 4.0.0, < 5.0)
    coffee-script (2.4.1)
      coffee-script-source
      execjs
    coffee-script-source (1.9.1.1)
    colorize (0.7.7)
    daemons (1.2.3)
    debug_inspector (0.0.2)
    descendants_tracker (0.0.4)
      thread_safe (~> 0.3, >= 0.3.1)
    devise (3.5.2)
      bcrypt (~> 3.0)
      orm_adapter (~> 0.1)
      railties (>= 3.2.6, < 5)
      responders
      thread_safe (~> 0.1)
      warden (~> 1.2.3)
    diff-lcs (1.2.5)
    ember-cli-rails (0.3.5)
      railties (>= 3.1, < 5)
      sprockets (>= 2.0)
    equalizer (0.0.11)
    erubis (2.7.0)
    eventmachine (1.0.5)
    execjs (2.6.0)
    faker (1.5.0)
      i18n (~> 0.5)
    friendly_id (5.1.0)
      activerecord (>= 4.0.0)
    globalid (0.3.6)
      activesupport (>= 4.1.0)
    grape (0.13.0)
      activesupport
      builder
      hashie (>= 2.1.0)
      multi_json (>= 1.3.2)
      multi_xml (>= 0.5.2)
      rack (>= 1.3.0)
      rack-accept
      rack-mount
      virtus (>= 1.0.0)
    grape-entity (0.4.8)
      activesupport
      multi_json (>= 1.3.2)
    grape-kaminari (0.1.8)
      grape
      kaminari
    grape-swagger (0.10.2)
      grape (>= 0.8.0)
      grape-entity
    grape-swagger-rails (0.1.0)
      grape-swagger (>= 0.7.2)
      railties (>= 3.2.12)
    haml (4.1.0.beta.1)
      tilt
    haml-rails (0.9.0)
      actionpack (>= 4.0.1)
      activesupport (>= 4.0.1)
      haml (>= 4.0.6, < 5.0)
      html2haml (>= 1.0.1)
      railties (>= 4.0.1)
    hashie (3.4.2)
    hashie-forbidden_attributes (0.1.1)
      hashie (>= 3.0)
    hpricot (0.8.6)
    html2haml (1.0.1)
      erubis (~> 2.7.0)
      haml (>= 4.0.0.rc.1)
      hpricot (~> 0.8.6)
      ruby_parser (~> 3.1.1)
    i18n (0.7.0)
    ice_nine (0.11.1)
    jquery-rails (4.0.4)
      rails-dom-testing (~> 1.0)
      railties (>= 4.2.0)
      thor (>= 0.14, < 2.0)
    json (1.8.3)
    kaminari (0.16.3)
      actionpack (>= 3.0.0)
      activesupport (>= 3.0.0)
    loofah (2.0.3)
      nokogiri (>= 1.5.9)
    mail (2.6.3)
      mime-types (>= 1.16, < 3)
    mailcatcher (0.6.1)
      activesupport (>= 4.0.0, < 5)
      eventmachine (~> 1.0.0, <= 1.0.5)
      mail (~> 2.3)
      sinatra (~> 1.2)
      skinny (~> 0.2.3)
      sqlite3 (~> 1.3)
      thin (~> 1.5.0)
    method_source (0.8.2)
    mime-types (2.6.1)
    mini_magick (4.2.10)
    mini_portile (0.6.2)
    minitest (5.8.1)
    multi_json (1.11.2)
    multi_xml (0.5.5)
    net-scp (1.2.1)
      net-ssh (>= 2.6.5)
    net-ssh (2.9.2)
    nokogiri (1.6.6.2)
      mini_portile (~> 0.6.0)
    non-stupid-digest-assets (1.0.5)
    orm_adapter (0.5.0)
    pg (0.18.2)
    polyamorous (1.1.0)
      activerecord (>= 3.0)
    pry (0.10.1)
      coderay (~> 1.1.0)
      method_source (~> 0.8.1)
      slop (~> 3.4)
    pry-doc (0.8.0)
      pry (~> 0.9)
      yard (~> 0.8)
    pry-docmore (0.1.1)
      pry
      pry-doc
    pry-nav (0.2.4)
      pry (>= 0.9.10, < 0.11.0)
    pry-pretty-numeric (0.1.1)
      pry
    pry-rails (0.3.4)
      pry (>= 0.9.10)
    pry-stack_explorer (0.4.9.2)
      binding_of_caller (>= 0.7)
      pry (>= 0.9.11)
    puma (2.13.4)
    quiet_assets (1.1.0)
      railties (>= 3.1, < 5.0)
    rack (1.6.4)
    rack-accept (0.4.5)
      rack (>= 0.4)
    rack-cors (0.4.0)
    rack-mount (0.8.3)
      rack (>= 1.0.0)
    rack-protection (1.5.3)
      rack
    rack-test (0.6.3)
      rack (>= 1.0)
    rails (4.2.3)
      actionmailer (= 4.2.3)
      actionpack (= 4.2.3)
      actionview (= 4.2.3)
      activejob (= 4.2.3)
      activemodel (= 4.2.3)
      activerecord (= 4.2.3)
      activesupport (= 4.2.3)
      bundler (>= 1.3.0, < 2.0)
      railties (= 4.2.3)
      sprockets-rails
    rails-deprecated_sanitizer (1.0.3)
      activesupport (>= 4.2.0.alpha)
    rails-dom-testing (1.0.7)
      activesupport (>= 4.2.0.beta, < 5.0)
      nokogiri (~> 1.6.0)
      rails-deprecated_sanitizer (>= 1.0.1)
    rails-html-sanitizer (1.0.2)
      loofah (~> 2.0)
    railties (4.2.3)
      actionpack (= 4.2.3)
      activesupport (= 4.2.3)
      rake (>= 0.8.7)
      thor (>= 0.18.1, < 2.0)
    rake (10.4.2)
    responders (2.1.0)
      railties (>= 4.2.0, < 5)
    rspec-core (3.3.2)
      rspec-support (~> 3.3.0)
    rspec-expectations (3.3.1)
      diff-lcs (>= 1.2.0, < 2.0)
      rspec-support (~> 3.3.0)
    rspec-mocks (3.3.2)
      diff-lcs (>= 1.2.0, < 2.0)
      rspec-support (~> 3.3.0)
    rspec-rails (3.3.3)
      actionpack (>= 3.0, < 4.3)
      activesupport (>= 3.0, < 4.3)
      railties (>= 3.0, < 4.3)
      rspec-core (~> 3.3.0)
      rspec-expectations (~> 3.3.0)
      rspec-mocks (~> 3.3.0)
      rspec-support (~> 3.3.0)
    rspec-support (3.3.0)
    ruby-progressbar (1.7.5)
    ruby_parser (3.1.3)
      sexp_processor (~> 4.1)
    sass (3.4.16)
    sass-rails (5.0.3)
      railties (>= 4.0.0, < 5.0)
      sass (~> 3.1)
      sprockets (>= 2.8, < 4.0)
      sprockets-rails (>= 2.0, < 4.0)
      tilt (~> 1.1)
    settingslogic (2.0.9)
    sexp_processor (4.6.0)
    simple-navigation-bootstrap (1.0.0)
      railties (>= 3.1)
      simple-navigation (>= 3.7.0)
    sinatra (1.4.6)
      rack (~> 1.4)
      rack-protection (~> 1.4)
      tilt (>= 1.3, < 3)
    skinny (0.2.3)
      eventmachine (~> 1.0.0)
      thin (~> 1.5.0)
    slim (3.0.6)
      temple (~> 0.7.3)
      tilt (>= 1.3.3, < 2.1)
    slim-rails (3.0.1)
      actionmailer (>= 3.1, < 5.0)
      actionpack (>= 3.1, < 5.0)
      activesupport (>= 3.1, < 5.0)
      railties (>= 3.1, < 5.0)
      slim (~> 3.0)
    slop (3.6.0)
    spring (1.3.6)
    sprockets (3.3.1)
      rack (~> 1.0)
    sprockets-rails (2.3.2)
      actionpack (>= 3.0)
      activesupport (>= 3.0)
      sprockets (>= 2.8, < 4.0)
    sqlite3 (1.3.10)
    squeel (1.2.3)
      activerecord (>= 3.0)
      activesupport (>= 3.0)
      polyamorous (~> 1.1.0)
    sshkit (1.7.1)
      colorize (>= 0.7.0)
      net-scp (>= 1.1.2)
      net-ssh (>= 2.8.0)
    temple (0.7.6)
    thin (1.5.1)
      daemons (>= 1.0.9)
      eventmachine (>= 0.12.6)
      rack (>= 1.0.0)
    thor (0.19.1)
    thread_safe (0.3.5)
    tilt (1.4.1)
    tzinfo (1.2.2)
      thread_safe (~> 0.1)
    uber (0.0.14)
    uglifier (2.7.1)
      execjs (>= 0.3.0)
      json (>= 1.8.0)
    virtus (1.0.5)
      axiom-types (~> 0.1)
      coercible (~> 1.0)
      descendants_tracker (~> 0.0, >= 0.0.3)
      equalizer (~> 0.0, >= 0.0.9)
    warden (1.2.3)
      rack (>= 1.0)
    yard (0.8.7.6)

PLATFORMS
  ruby

DEPENDENCIES
  apartment
  awesome_print
  better_errors
  bootstrap-sass (~> 3.2.0)
  capistrano-bundler
  capistrano-db-tasks
  capistrano-rails
  capistrano-rails-console
  capistrano-rbenv
  capistrano3-puma
  carrierwave
  cells
  cells-haml!
  coffee-rails (~> 4.1.0)
  devise
  ember-cli-rails
  faker
  friendly_id
  grape
  grape-entity
  grape-kaminari
  grape-swagger-rails
  haml-rails
  hashie-forbidden_attributes
  jquery-rails
  kaminari
  mailcatcher
  mini_magick
  non-stupid-digest-assets
  pg
  pry-doc
  pry-docmore
  pry-nav
  pry-pretty-numeric
  pry-rails
  pry-stack_explorer
  puma
  quiet_assets
  rack-cors
  rails (= 4.2.3)
  rspec-rails
  ruby-progressbar
  sass-rails (~> 5.0)
  settingslogic
  simple-navigation!
  simple-navigation-bootstrap
  slim-rails
  spring
  squeel
  uglifier (>= 1.3.0)

BUNDLED WITH
   1.10.6
